GEM
  remote: http://rubygems.org/
  specs:
    RedCloth (4.2.3)
    builder (3.0.0)
    diff-lcs (1.1.2)
    fakeweb (1.3.0)
    nokogiri (1.4.4)
    rack (1.2.1)
    rack-test (0.5.7)
      rack (>= 1.0)
    rspec (2.5.0)
      rspec-core (~> 2.5.0)
      rspec-expectations (~> 2.5.0)
      rspec-mocks (~> 2.5.0)
    rspec-core (2.5.1)
    rspec-expectations (2.5.0)
      diff-lcs (~> 1.1.2)
    rspec-mocks (2.5.0)
    sinatra (1.1.2)
      rack (~> 1.1)
      tilt (~> 1.2)
    sinatra-cache (0.3.6)
      sinatra (>= 1.1.0)
      sinatra-outputbuffer (>= 0.1.0)
    sinatra-outputbuffer (0.1.0)
      sinatra (>= 1.0.a)
    tilt (1.2.2)

PLATFORMS
  ruby

DEPENDENCIES
  RedCloth
  builder (= 3.0.0)
  bundler
  fakeweb
  nokogiri (= 1.4.4)
  rack-test
  rspec
  sinatra (= 1.1.2)
  sinatra-cache (= 0.3.6)
